GIT
  remote: https://github.com/simplecov-ruby/simplecov-html.git
  revision: 6567856c6940e285bbb70cce98edca60c7dfefdd
  ref: 6567856c6940e285bbb70cce98edca60c7dfefdd
  specs:
    simplecov-html (0.12.2)

GIT
  remote: https://github.com/simplecov-ruby/simplecov.git
  revision: 80700ec9f9b5ae426c22d06f62620f7e7b71ff42
  specs:
    simplecov (0.18.5)
      docile (~> 1.1)
      simplecov-html (~> 0.11)

GEM
  remote: https://rubygems.org/
  specs:
    coverage-helpers (1.0.0)
    docile (1.3.2)
    power_assert (1.2.0)
    rake (13.0.1)
    rbs (0.12.2)
    stackprof (0.2.15)
    test-unit (3.3.6)
      power_assert

PLATFORMS
  ruby

DEPENDENCIES
  coverage-helpers
  rake
  rbs
  simplecov!
  simplecov-html!
  stackprof
  test-unit

BUNDLED WITH
   2.2.0.rc.2
